GEM
  remote: https://rubygems.org/
  specs:
    dotenv (2.5.0)

PLATFORMS
  ruby

DEPENDENCIES
  dotenv (~> 2.5)

BUNDLED WITH
   1.17.1
